GEM
  remote: https://rubygems.org/
  specs:
    addressable (2.5.1)
      public_suffix (~> 2.0, >= 2.0.2)
    android_lint_translate_checkstyle_format (0.1.2)
      nori
      thor
    checkstyle_filter-git (1.1.0)
      git_diff_parser
      thor
    env_branch (1.2.0)
    env_pull_request (1.0.0)
      natural_number_string
    faraday (0.13.1)
      multipart-post (>= 1.2, < 3)
    findbugs_translate_checkstyle_format (0.2.6)
      nori
      thor
    git (1.3.0)
    git_clone_url (2.0.0)
      uri-ssh_git (>= 2.0)
    git_diff_parser (2.3.0)
    multipart-post (2.0.0)
    natural_number_string (1.0.1)
    nori (2.6.0)
    octokit (4.7.0)
      sawyer (~> 0.8.0, >= 0.5.3)
    pmd_translate_checkstyle_format (0.2.2)
      nori
      thor
    public_suffix (2.0.5)
    saddler (1.0.0)
      saddler-reporter-text
      thor
    saddler-reporter-github (2.0.0)
      env_pull_request (>= 1.0)
      git_diff_parser (>= 2.0, < 3.0)
      octokit
      saddler-reporter-support (>= 1.0)
      saddler-reporter-support-git (>= 1.0)
    saddler-reporter-support (1.0.0)
      nori
    saddler-reporter-support-git (2.0.1)
      env_branch (>= 1.0)
      git (>= 1.0, < 2.0)
      git_clone_url (>= 2.0, < 3.0)
    saddler-reporter-text (1.0.0)
    sawyer (0.8.1)
      addressable (>= 2.3.5, < 2.6)
      faraday (~> 0.8, < 1.0)
    thor (0.20.0)
    uri-ssh_git (2.0.0)

PLATFORMS
  ruby

DEPENDENCIES
  android_lint_translate_checkstyle_format
  checkstyle_filter-git
  findbugs_translate_checkstyle_format
  pmd_translate_checkstyle_format
  saddler
  saddler-reporter-github

BUNDLED WITH
   1.15.1
